GEM
  remote: https://rubygems.org/
  specs:
    ast (2.4.2)
    colorize (0.8.1)
    ethon (0.16.0)
      ffi (>= 1.15.0)
    ffi (1.16.3)
    logger (1.6.0)
    oj (3.10.18)
    parallel (1.24.0)
    parser (2.7.2.0)
      ast (~> 2.4.1)
    powerpack (0.1.3)
    rainbow (2.2.2)
      rake
    rake (13.1.0)
    rubocop (0.49.1)
      parallel (~> 1.10)
      parser (>= 2.3.3.1, < 3.0)
      powerpack (~> 0.1)
      rainbow (>= 1.99.1, < 3.0)
      ruby-progressbar (~> 1.7)
      unicode-display_width (~> 1.0, >= 1.0.1)
    ruby-progressbar (1.13.0)
    typhoeus (1.4.1)
      ethon (>= 0.9.0)
    unicode-display_width (1.8.0)

PLATFORMS
  ruby

DEPENDENCIES
  colorize (~> 0.8.1)
  logger (~> 1.6.0)
  oj (~> 3.10.6)
  rubocop (~> 0.49.1)
  typhoeus (~> 1.4.1)

RUBY VERSION
   ruby 3.1.2p20

BUNDLED WITH
   2.4.14
